GEM
  remote: https://rubygems.org/
  specs:
    byebug (11.1.3)
    coderay (1.1.3)
    language_server-protocol (3.17.0.3)
    logger (1.6.0)
    method_source (1.1.0)
    prism (0.30.0)
    pry (0.14.2)
      coderay (~> 1.1)
      method_source (~> 1.0)
    pry-byebug (3.10.1)
      byebug (~> 11.0)
      pry (>= 0.13, < 0.15)
    rainbow (3.1.1)
    rbs (3.5.2)
      logger
    ruby-lsp (0.17.11)
      language_server-protocol (~> 3.17.0)
      prism (>= 0.29.0, < 0.31)
      rbs (>= 3, < 4)
      sorbet-runtime (>= 0.5.10782)
    sorbet-runtime (0.5.11504)

PLATFORMS
  ruby
  x86_64-linux

DEPENDENCIES
  pry-byebug
  rainbow (~> 3.0)
  ruby-lsp

BUNDLED WITH
   2.5.10
