GEM
  remote: https://rubygems.org/
  specs:
    rainbow (3.1.1)

PLATFORMS
  ruby
  x86_64-linux

DEPENDENCIES
  rainbow (~> 3.0)

BUNDLED WITH
   2.5.10
